GIT
  remote: https://github.com/cloudfoundry/cf-message-bus.git
  revision: 88a9fc0fa75fca29a8fd1fb47c6504a252020a0f
  specs:
    cf-message-bus (0.0.1)
      eventmachine (~> 1.0.0)
      nats (= 0.4.26)
      vcap-concurrency
      yajl-ruby

GIT
  remote: https://github.com/cloudfoundry/vcap-concurrency.git
  revision: dfddfb0bc0e599b94390ef8c026f71c4ddc323f7
  specs:
    vcap-concurrency (0.1.0)

GEM
  remote: https://rubygems.org/
  specs:
    daemons (1.1.9)
    diff-lcs (1.2.4)
    eventmachine (1.0.3)
    json_pure (1.8.0)
    nats (0.4.26)
      daemons (>= 1.1.5)
      eventmachine (>= 0.12.10)
      json_pure (>= 1.7.3)
      thin (>= 1.4.1)
    rack (1.5.2)
    rake (10.1.0)
    rspec (2.13.0)
      rspec-core (~> 2.13.0)
      rspec-expectations (~> 2.13.0)
      rspec-mocks (~> 2.13.0)
    rspec-core (2.13.1)
    rspec-expectations (2.13.0)
      diff-lcs (>= 1.1.3, < 2.0)
    rspec-mocks (2.13.1)
    thin (1.5.1)
      daemons (>= 1.0.9)
      eventmachine (>= 0.12.6)
      rack (>= 1.0.0)
    vcap_logging (0.1.4)
      rake
    yajl-ruby (1.1.0)

PLATFORMS
  ruby

DEPENDENCIES
  cf-message-bus!
  eventmachine
  rspec
  vcap-concurrency!
  vcap_logging
  yajl-ruby
